GEM
  remote: https://rubygems.org/
  specs:
    aws-sdk-core (2.0.0.rc6)
      builder (~> 3.0)
      jamespath
      multi_json (~> 1.0)
      multi_xml (~> 0.5)
    builder (3.2.2)
    cap-aws-ec2 (0.0.1)
      aws-sdk-core (~> 2.0.0.rc2)
    cap-templates (0.0.1)
    capistrano (2.15.1)
      highline
      net-scp (>= 1.0.0)
      net-sftp (>= 2.0.0)
      net-ssh (>= 2.0.14)
      net-ssh-gateway (>= 1.1.0)
    god (0.13.3)
    highline (1.6.21)
    jamespath (0.5.0)
    multi_json (1.9.2)
    multi_xml (0.5.5)
    net-scp (1.1.2)
      net-ssh (>= 2.6.5)
    net-sftp (2.1.2)
      net-ssh (>= 2.6.5)
    net-ssh (2.8.0)
    net-ssh-gateway (1.2.0)
      net-ssh (>= 2.6.5)
    phantom-manager (0.1.0)

PLATFORMS
  ruby

DEPENDENCIES
  cap-aws-ec2
  cap-templates
  capistrano (= 2.15.1)
  god
  phantom-manager (= 0.1.0)
